GEM
  remote: http://rubygems.org/
  specs:
    activesupport (3.1.0)
      multi_json (~> 1.0)
    chunky_png (1.2.1)
    coffee-script (2.2.0)
      coffee-script-source
      execjs
    coffee-script-source (1.1.2)
    compass (0.11.5)
      chunky_png (~> 1.2)
      fssm (>= 0.2.7)
      sass (~> 3.1)
    execjs (1.2.4)
      multi_json (~> 1.0)
    fssm (0.2.7)
    haml (3.1.2)
    i18n (0.6.0)
    multi_json (1.0.3)
    rack (1.3.2)
    rack-test (0.6.1)
      rack (>= 1.0)
    sass (3.1.7)
    serve (1.5.1)
      activesupport (~> 3.0)
      i18n
      rack (~> 1.2)
      rack-test (~> 0.5)
      tilt (~> 1.3)
      tzinfo
    tilt (1.3.2)
    tzinfo (0.3.29)

PLATFORMS
  x86-mingw32

DEPENDENCIES
  coffee-script
  compass
  haml
  serve (= 1.5.1)
